GEM
  remote: https://rubygems.org/
  specs:
    braintree (2.72.0)
      builder (>= 2.0.0)
    builder (3.2.3)
    coderay (1.1.1)
    method_source (0.8.2)
    pry (0.10.4)
      coderay (~> 1.1.0)
      method_source (~> 0.8.1)
      slop (~> 3.4)
    puma (3.7.0)
    rack (2.0.1)
    slop (3.6.0)

PLATFORMS
  ruby

DEPENDENCIES
  braintree
  pry
  puma
  rack

BUNDLED WITH
   1.14.3
