GEM
  remote: https://rubygems.org/
  specs:
    ast (2.3.0)
    braintree (2.72.0)
      builder (>= 2.0.0)
    builder (3.2.3)
    chargebee (2.2.9)
      json_pure (~> 1.5)
      rest-client (>= 1.8, < 3.0)
    coderay (1.1.1)
    domain_name (0.5.20170404)
      unf (>= 0.0.5, < 1.0.0)
    http-cookie (1.0.3)
      domain_name (~> 0.5)
    json_pure (1.8.6)
    method_source (0.8.2)
    mime-types (3.1)
      mime-types-data (~> 3.2015)
    mime-types-data (3.2016.0521)
    minitest (5.10.2)
    netrc (0.11.0)
    parser (2.3.3.1)
      ast (~> 2.2)
    powerpack (0.1.1)
    pry (0.10.4)
      coderay (~> 1.1.0)
      method_source (~> 0.8.1)
      slop (~> 3.4)
    puma (3.7.0)
    rack (2.0.1)
    rack-test (0.6.3)
      rack (>= 1.0)
    rainbow (2.2.1)
    rake (12.0.0)
    rest-client (2.0.2)
      http-cookie (>= 1.0.2, < 2.0)
      mime-types (>= 1.16, < 4.0)
      netrc (~> 0.8)
    rubocop (0.47.1)
      parser (>= 2.3.3.1, < 3.0)
      powerpack (~> 0.1)
      rainbow (>= 1.99.1, < 3.0)
      ruby-progressbar (~> 1.7)
      unicode-display_width (~> 1.0, >= 1.0.1)
    ruby-progressbar (1.8.1)
    slop (3.6.0)
    unf (0.1.4)
      unf_ext
    unf_ext (0.0.7.4)
    unicode-display_width (1.1.3)

PLATFORMS
  ruby

DEPENDENCIES
  braintree
  chargebee
  minitest
  pry
  puma
  rack
  rack-test
  rake
  rubocop

BUNDLED WITH
   1.15.1
