GEM
  remote: https://rubygems.org/
  specs:
    braintree (2.72.0)
      builder (>= 2.0.0)
    builder (3.2.3)
    puma (3.7.0)
    rack (2.0.1)

PLATFORMS
  ruby

DEPENDENCIES
  braintree
  puma
  rack

BUNDLED WITH
   1.14.3
